GEM
  remote: https://rubygems.org/
  specs:
    builder (3.2.2)
    ci_reporter (1.9.1)
      builder (>= 2.1.2)
    rake (10.1.1)

PLATFORMS
  ruby

DEPENDENCIES
  ci_reporter
  rake
